PATH
  remote: .
  specs:
    syncwrap (2.8.4)
      aws-sdk (~> 1.46)
      json (>= 1.7.1, < 1.9)
      nokogiri (>= 1.5.9, < 1.7)
      term-ansicolor (~> 1.2.2)
      tins (~> 0.13.2)

GEM
  remote: https://rubygems.org/
  specs:
    aws-sdk (1.66.0)
      aws-sdk-v1 (= 1.66.0)
    aws-sdk-v1 (1.66.0)
      json (~> 1.4)
      nokogiri (>= 1.4.4)
    json (1.8.6)
    json (1.8.6-java)
    mini_portile2 (2.1.0)
    minitest (5.8.5)
    nokogiri (1.6.8.1)
      mini_portile2 (~> 2.1.0)
    nokogiri (1.6.8.1-java)
    rake (11.3.0)
    rdoc (4.3.0)
    rjack-maven (3.0.5.0-java)
    rjack-tarpit (2.1.1)
      rake (>= 0.9.2.2, < 12)
      rdoc (>= 3.12, < 5)
    rjack-tarpit (2.1.1-java)
      rake (>= 0.9.2.2, < 12)
      rdoc (>= 3.12, < 5)
      rjack-maven (~> 3.0.4)
    term-ansicolor (1.2.2)
      tins (~> 0.8)
    tins (0.13.2)

PLATFORMS
  java
  ruby

DEPENDENCIES
  minitest (~> 5.8.4)
  rdoc (~> 4.3.0)
  rjack-tarpit (~> 2.1)
  syncwrap!

BUNDLED WITH
   1.13.7
