PATH
  remote: .
  specs:
    syncwrap (2.2.0)
      aws-sdk (~> 1.46)
      json (>= 1.7.1, < 1.9)
      nokogiri (>= 1.5.9, < 1.7)
      term-ansicolor (~> 1.2.2)
      tins (~> 0.13.2)

GEM
  remote: https://rubygems.org/
  specs:
    aws-sdk (1.46.0)
      json (~> 1.4)
      nokogiri (>= 1.4.4)
    json (1.8.1)
    json (1.8.1-java)
    mini_portile (0.6.0)
    minitest (4.7.5)
    nokogiri (1.6.2.1)
      mini_portile (= 0.6.0)
    nokogiri (1.6.2.1-java)
    rake (10.3.2)
    rdoc (4.0.1)
      json (~> 1.4)
    rjack-maven (3.0.5.0-java)
    rjack-tarpit (2.1.0)
      rake (>= 0.9.2.2, < 11)
      rdoc (>= 3.12, < 5)
    rjack-tarpit (2.1.0-java)
      rake (>= 0.9.2.2, < 11)
      rdoc (>= 3.12, < 5)
      rjack-maven (~> 3.0.4)
    term-ansicolor (1.2.2)
      tins (~> 0.8)
    tins (0.13.2)

PLATFORMS
  java
  ruby

DEPENDENCIES
  minitest (~> 4.7.4)
  rdoc (~> 4.0.1)
  rjack-tarpit (~> 2.1)
  syncwrap!
